PATH
  remote: .
  specs:
    sensu-plugins-process-package (0.1.0)
      sensu-plugin (~> 1.2)

GEM
  remote: https://rubygems.org/
  specs:
    ast (2.2.0)
    coderay (1.1.1)
    diff-lcs (1.2.5)
    docile (1.1.5)
    github-markup (1.4.0)
    json (1.8.3)
    method_source (0.8.2)
    mixlib-cli (1.5.0)
    parser (2.3.0.6)
      ast (~> 2.2)
    powerpack (0.1.1)
    pry (0.10.3)
      coderay (~> 1.1.0)
      method_source (~> 0.8.1)
      slop (~> 3.4)
    rainbow (2.1.0)
    rake (10.5.0)
    rdoc (4.2.2)
      json (~> 1.4)
    redcarpet (3.3.4)
    rspec (3.4.0)
      rspec-core (~> 3.4.0)
      rspec-expectations (~> 3.4.0)
      rspec-mocks (~> 3.4.0)
    rspec-core (3.4.4)
      rspec-support (~> 3.4.0)
    rspec-expectations (3.4.0)
      diff-lcs (>= 1.2.0, < 2.0)
      rspec-support (~> 3.4.0)
    rspec-mocks (3.4.1)
      diff-lcs (>= 1.2.0, < 2.0)
      rspec-support (~> 3.4.0)
    rspec-support (3.4.1)
    rubocop (0.38.0)
      parser (>= 2.3.0.6, < 3.0)
      powerpack (~> 0.1)
      rainbow (>= 1.99.1, < 3.0)
      ruby-progressbar (~> 1.7)
      unicode-display_width (~> 1.0, >= 1.0.1)
    ruby-progressbar (1.7.5)
    sensu-plugin (1.2.0)
      json
      mixlib-cli (>= 1.1.0)
    simplecov (0.11.2)
      docile (~> 1.1.0)
      json (~> 1.8)
      simplecov-html (~> 0.10.0)
    simplecov-html (0.10.0)
    simplecov-json (0.2)
      json
      simplecov
    simplecov-rcov (0.2.3)
      simplecov (>= 0.4.1)
    slop (3.6.0)
    unicode-display_width (1.0.2)
    yard (0.8.7.6)

PLATFORMS
  ruby

DEPENDENCIES
  bundler (~> 1.7)
  github-markup (~> 1.3)
  pry (~> 0.10)
  rake (~> 10.0)
  rdoc (~> 4.2.1)
  redcarpet (~> 3.2)
  rspec (~> 3.1)
  rubocop (~> 0.37)
  sensu-plugins-process-package!
  simplecov
  simplecov-json
  simplecov-rcov
  yard (~> 0.8)
